GEM
  remote: https://rubygems.org/
  specs:
    bourbon (4.2.2)
      sass (~> 3.4)
      thor
    celluloid (0.16.0)
      timers (~> 4.0.0)
    colorize (0.7.7)
    execjs (2.5.2)
    ffi (1.9.8)
    hitimes (1.2.2)
    json (1.8.2)
    listen (2.10.0)
      celluloid (~> 0.16.0)
      rb-fsevent (>= 0.9.3)
      rb-inotify (>= 0.9)
    rb-fsevent (0.9.4)
    rb-inotify (0.9.5)
      ffi (>= 0.5.0)
    sass (3.4.13)
    thor (0.19.1)
    timers (4.0.1)
      hitimes
    uglifier (2.7.1)
      execjs (>= 0.3.0)
      json (>= 1.8.0)

PLATFORMS
  ruby

DEPENDENCIES
  bourbon
  colorize
  listen
  sass
  uglifier
